PATH
  remote: .
  specs:
    simple_model (1.1.0)
      activemodel (~> 3.0)
      activesupport (~> 3.0)

GEM
  remote: http://rubygems.org/
  specs:
    ZenTest (4.6.2)
    activemodel (3.1.1)
      activesupport (= 3.1.1)
      builder (~> 3.0.0)
      i18n (~> 0.6)
    activesupport (3.1.1)
      multi_json (~> 1.0)
    autotest (4.4.6)
      ZenTest (>= 4.4.1)
    builder (3.0.0)
    diff-lcs (1.1.3)
    i18n (0.6.0)
    multi_json (1.0.3)
    rspec (2.7.0)
      rspec-core (~> 2.7.0)
      rspec-expectations (~> 2.7.0)
      rspec-mocks (~> 2.7.0)
    rspec-core (2.7.1)
    rspec-expectations (2.7.0)
      diff-lcs (~> 1.1.2)
    rspec-mocks (2.7.0)

PLATFORMS
  ruby

DEPENDENCIES
  autotest
  rspec
  simple_model!
